PATH
  remote: .
  specs:
    cryptid (0.1.0)
      excon (~> 0.59.0)
      kamelcase (~> 0)

GEM
  remote: https://rubygems.org/
  specs:
    diff-lcs (1.3)
    excon (0.59.0)
    kamelcase (0.0.1)
      semver2 (~> 3)
    rake (10.4.2)
    rspec (3.5.0)
      rspec-core (~> 3.5.0)
      rspec-expectations (~> 3.5.0)
      rspec-mocks (~> 3.5.0)
    rspec-core (3.5.4)
      rspec-support (~> 3.5.0)
    rspec-expectations (3.5.0)
      diff-lcs (>= 1.2.0, < 2.0)
      rspec-support (~> 3.5.0)
    rspec-mocks (3.5.0)
      diff-lcs (>= 1.2.0, < 2.0)
      rspec-support (~> 3.5.0)
    rspec-support (3.5.0)
    semver2 (3.4.2)

PLATFORMS
  ruby

DEPENDENCIES
  bundler (~> 1.15)
  cryptid!
  rake (~> 10.0)
  rspec (~> 3.0)

BUNDLED WITH
   1.16.0.pre.2
